RESTRICTION: || (== net472) (== netstandard2.0)
NUGET
  remote: https://api.nuget.org/v3/index.json
    FSharp.Control.Reactive (4.1)
      FSharp.Core (>= 4.2.3)
      System.Reactive (>= 4.0)
    FSharp.Core (4.5.4)
    Microsoft.NETCore.Platforms (2.2) - restriction: || (&& (== net472) (>= dnxcore50)) (&& (== net472) (< net45)) (== netstandard2.0)
    Microsoft.NETCore.Targets (2.1) - restriction: || (&& (== net472) (>= dnxcore50)) (&& (== net472) (< net45)) (== netstandard2.0)
    NAudio (1.8.5)
    Newtonsoft.Json (12.0.1)
    SQLite.net-PCL (3.1.1)
      SQLite.Net.Core-PCL (>= 3.1.1)
    SQLite.Net.Core-PCL (3.1.1)
    System.Data.SQLite.Core (1.0.109.2)
    System.Reactive (4.1.2)
      System.Runtime.InteropServices.WindowsRuntime (>= 4.3) - restriction: || (&& (== net472) (< net46)) (== netstandard2.0)
      System.Threading.Tasks.Extensions (>= 4.5.1)
      System.ValueTuple (>= 4.4) - restriction: || (== net472) (&& (== netstandard2.0) (>= net46))
    System.Runtime (4.3) - restriction: || (&& (== net472) (>= dnxcore50)) (&& (== net472) (< net45)) (== netstandard2.0)
      Microsoft.NETCore.Platforms (>= 1.1) - restriction: || (&& (== net472) (>= dnxcore50)) (&& (== net472) (< net45)) (== netstandard2.0)
      Microsoft.NETCore.Targets (>= 1.1) - restriction: || (&& (== net472) (>= dnxcore50)) (&& (== net472) (< net45)) (== netstandard2.0)
    System.Runtime.CompilerServices.Unsafe (4.5.2)
    System.Runtime.InteropServices.WindowsRuntime (4.3) - restriction: || (&& (== net472) (< net46)) (== netstandard2.0)
      System.Runtime (>= 4.3) - restriction: || (&& (== net472) (>= dnxcore50)) (&& (== net472) (< net45)) (== netstandard2.0)
    System.Threading.Tasks.Extensions (4.5.1)
      System.Runtime.CompilerServices.Unsafe (>= 4.5)
    System.ValueTuple (4.5)
    TagLib.Portable (1.0.4)

GROUP Test
RESTRICTION: == net472
NUGET
  remote: https://api.nuget.org/v3/index.json
    xunit (2.4.1)
      xunit.analyzers (>= 0.10)
      xunit.assert (2.4.1)
      xunit.core (2.4.1)
    xunit.abstractions (2.0.3)
    xunit.analyzers (0.10)
    xunit.assert (2.4.1)
    xunit.core (2.4.1)
      xunit.extensibility.core (2.4.1)
      xunit.extensibility.execution (2.4.1)
    xunit.extensibility.core (2.4.1)
      xunit.abstractions (>= 2.0.3)
    xunit.extensibility.execution (2.4.1)
      xunit.extensibility.core (2.4.1)
    xunit.runner.console (2.4.1)
    xunit.runner.visualstudio (2.4.1)
